GEM
  remote: https://rubygems.org/
  specs:
    byebug (9.0.6)
    coolline (0.5.0)
      unicode_utils (~> 1.4)
    diff-lcs (1.2.5)
    pry-coolline (0.2.5)
      coolline (~> 0.5)
    rb-readline (0.5.3)
    rspec (3.5.0)
      rspec-core (~> 3.5.0)
      rspec-expectations (~> 3.5.0)
      rspec-mocks (~> 3.5.0)
    rspec-core (3.5.3)
      rspec-support (~> 3.5.0)
    rspec-expectations (3.5.0)
      diff-lcs (>= 1.2.0, < 2.0)
      rspec-support (~> 3.5.0)
    rspec-mocks (3.5.0)
      diff-lcs (>= 1.2.0, < 2.0)
      rspec-support (~> 3.5.0)
    rspec-support (3.5.0)
    unicode_utils (1.4.0)

PLATFORMS
  ruby

DEPENDENCIES
  byebug
  pry-coolline
  rb-readline
  rspec

BUNDLED WITH
   1.13.0
